GEM
  remote: https://rubygems.org/
  specs:
    engtagger (0.2.2)
    ffi (1.15.5)
    ffi-xattr (0.2.0)
      ffi
    googlebooks (0.0.9)
      httparty
    httparty (0.20.0)
      mime-types (~> 3.0)
      multi_xml (>= 0.5.2)
    mime-types (3.4.1)
      mime-types-data (~> 3.2015)
    mime-types-data (3.2022.0105)
    multi_xml (0.6.0)

PLATFORMS
  x86_64-darwin-20

DEPENDENCIES
  engtagger
  ffi-xattr
  googlebooks

BUNDLED WITH
   2.3.10
